GEM
  remote: https://rubygems.org/
  specs:
    ffi (1.17.1)
    ffi (1.17.1-x86_64-linux-gnu)
    google-protobuf (3.25.5)
    google-protobuf (3.25.5-x86_64-linux)
    libusb (0.7.2)
      ffi (~> 1.0)
      mini_portile2 (~> 2.1)
    mini_portile2 (2.8.8)
    nokogiri (1.18.4)
      mini_portile2 (~> 2.8.2)
      racc (~> 1.4)
    nokogiri (1.18.4-x86_64-linux-gnu)
      racc (~> 1.4)
    racc (1.8.1)
    serialport (1.3.2)

PLATFORMS
  ruby
  x86_64-linux

DEPENDENCIES
  google-protobuf (< 4)
  libusb
  nokogiri
  serialport

BUNDLED WITH
   2.2.31
