GEM
  remote: https://rubygems.org/
  specs:
    ffi (1.17.0)
    ffi (1.17.0-x86_64-linux-gnu)
    google-protobuf (3.25.3)
    google-protobuf (3.25.3-x86_64-linux)
    libusb (0.7.1)
      ffi (~> 1.0)
      mini_portile2 (~> 2.1)
    mini_portile2 (2.8.7)
    nokogiri (1.16.6)
      mini_portile2 (~> 2.8.2)
      racc (~> 1.4)
    nokogiri (1.16.6-x86_64-linux)
      racc (~> 1.4)
    racc (1.8.0)
    serialport (1.3.2)

PLATFORMS
  ruby
  x86_64-linux

DEPENDENCIES
  google-protobuf (< 4)
  libusb
  nokogiri
  serialport

BUNDLED WITH
   2.2.31
